GEM
  remote: https://rubygems.org/
  specs:
    coderay (1.1.2)
    memory_profiler (0.9.14)
    method_source (0.9.2)
    pry (0.12.2)
      coderay (~> 1.1.0)
      method_source (~> 0.9.0)

PLATFORMS
  ruby

DEPENDENCIES
  memory_profiler
  pry

BUNDLED WITH
   2.0.2
